GEM
  remote: http://rubygems.org/
  specs:
    nokogiri (1.5.0)
    webrobots (0.0.12)
      nokogiri (>= 1.4.4)

PLATFORMS
  ruby

DEPENDENCIES
  haml
  mechanize
  sinatra
